GIT
  remote: git://github.com/bumi/awesome_bot_factory.git
  revision: e3d2040322e5df8c9ff6c43c2f7098ec4294dd14
  specs:
    awesome_bot_factory (0.0.1)
      activesupport (~> 3.0.0)
      thor (~> 0.14.6)

GEM
  remote: http://rubygems.org/
  specs:
    activesupport (3.0.10)
    addressable (2.2.6)
    artii (1.0.2)
    daemons (1.1.4)
    diff-lcs (1.1.3)
    eventmachine (0.12.10)
    heroku (2.7.0)
      launchy (>= 0.3.2)
      rest-client (~> 1.6.1)
      rubyzip
      term-ansicolor (~> 1.0.5)
    json (1.5.4)
    launchy (2.0.5)
      addressable (~> 2.2.6)
    mime-types (1.16)
    rack (1.3.2)
    rack-test (0.6.1)
      rack (>= 1.0)
    rest-client (1.6.7)
      mime-types (>= 1.16)
    rspec (2.6.0)
      rspec-core (~> 2.6.0)
      rspec-expectations (~> 2.6.0)
      rspec-mocks (~> 2.6.0)
    rspec-core (2.6.4)
    rspec-expectations (2.6.0)
      diff-lcs (~> 1.1.2)
    rspec-mocks (2.6.0)
    rubyzip (0.9.4)
    term-ansicolor (1.0.6)
    thin (1.2.11)
      daemons (>= 1.0.9)
      eventmachine (>= 0.12.6)
      rack (>= 1.0.0)
    thor (0.14.6)

PLATFORMS
  ruby

DEPENDENCIES
  artii
  awesome_bot_factory!
  heroku
  json
  rack
  rack-test
  rspec
  thin
